GIT
  remote: https://github.com/D1plo1d/padrino-assets.git
  revision: 2829831fc88956675b82454721e9d3ca9ed2cfdb
  specs:
    padrino-assets (0.0.1)
      coffee-script
      erubis
      haml
      json
      less
      libv8
      padrino
      sprockets (>= 2.0)
      therubyracer

GIT
  remote: https://github.com/kellyredding/rack-sprockets.git
  revision: 995bae2b41c25fc26d58b9eede05ab2e4bcc6ed5
  branch: sp2
  specs:
    rack-sprockets (1.1.0)
      ns-options (~> 0.3.1)
      rack (~> 1.0)
      sprockets (~> 2.0)

GEM
  remote: http://rubygems.org/
  specs:
    activesupport (3.2.0)
      i18n (~> 0.6)
      multi_json (~> 1.0)
    coffee-script (2.2.0)
      coffee-script-source
      execjs
    coffee-script-source (1.2.0)
    commonjs (0.2.0)
      therubyracer (~> 0.9.9)
    daemons (1.1.8)
    erubis (2.7.0)
    eventmachine (1.0.0.beta.4)
    execjs (1.3.0)
      multi_json (~> 1.0)
    haml (3.1.4)
    hike (1.2.1)
    http_router (0.10.2)
      rack (>= 1.0.0)
      url_mount (~> 0.2.1)
    i18n (0.6.0)
    json (1.6.5)
    less (2.0.9)
      commonjs (~> 0.2.0)
      therubyracer (~> 0.9.9)
    libv8 (3.3.10.4)
    mail (2.3.0)
      i18n (>= 0.4.0)
      mime-types (~> 1.16)
      treetop (~> 1.4.8)
    mime-types (1.17.2)
    multi_json (1.1.0)
    ns-options (0.3.1)
    padrino (0.10.6.c)
      padrino-admin (= 0.10.6.c)
      padrino-cache (= 0.10.6.c)
      padrino-core (= 0.10.6.c)
      padrino-gen (= 0.10.6.c)
      padrino-helpers (= 0.10.6.c)
      padrino-mailer (= 0.10.6.c)
    padrino-admin (0.10.6.c)
      padrino-core (= 0.10.6.c)
      padrino-helpers (= 0.10.6.c)
    padrino-cache (0.10.6.c)
      padrino-core (= 0.10.6.c)
    padrino-contrib (0.1.13)
    padrino-core (0.10.6.c)
      activesupport (~> 3.2.0)
      http_router (~> 0.10.2)
      sinatra (~> 1.3.1)
      thor (~> 0.14.3)
      tilt (~> 1.3.0)
    padrino-gen (0.10.6.c)
      bundler (~> 1.0)
      padrino-core (= 0.10.6.c)
    padrino-helpers (0.10.6.c)
      i18n (~> 0.6)
      padrino-core (= 0.10.6.c)
    padrino-mailer (0.10.6.c)
      mail (~> 2.3.0)
      padrino-core (= 0.10.6.c)
    padrino-warden (0.1.0)
      warden (>= 0.10.3)
    polyglot (0.3.3)
    rack (1.4.1)
    rack-protection (1.2.0)
      rack
    rake (0.9.2.2)
    sinatra (1.3.2)
      rack (~> 1.3, >= 1.3.6)
      rack-protection (~> 1.2)
      tilt (~> 1.3, >= 1.3.3)
    sinatra-flash (0.3.0)
      sinatra (>= 1.0.0)
    sprockets (2.3.1)
      hike (~> 1.2)
      multi_json (~> 1.0)
      rack (~> 1.0)
      tilt (~> 1.1, != 1.3.0)
    therubyracer (0.9.10)
      libv8 (~> 3.3.10)
    thin (1.3.1)
      daemons (>= 1.0.9)
      eventmachine (>= 0.12.6)
      rack (>= 1.0.0)
    thor (0.14.6)
    tilt (1.3.3)
    treetop (1.4.10)
      polyglot
      polyglot (>= 0.3.1)
    url_mount (0.2.1)
      rack
    warden (1.1.1)
      rack (>= 1.0)

PLATFORMS
  ruby

DEPENDENCIES
  eventmachine (~> 1.0.0.beta.4)
  padrino (= 0.10.6.c)
  padrino-assets!
  padrino-contrib
  padrino-warden
  rack-sprockets!
  rake
  sinatra-flash
  sprockets (>= 2.0)
  thin
